GIT
  remote: https://github.com/ministryofjustice/email_address_validation
  revision: 5ed2fb93f8d5bc419f03cecb408c688c5bd9fd74
  ref: 5ed2fb93f8d5bc419f03cecb408c688c5bd9fd74
  specs:
    email_address_validation (0.1.1)
      activesupport (~> 5.X)
      mail (~> 2.6.6)

GIT
  remote: https://github.com/ministryofjustice/pvb-instrumentation.git
  revision: 5696f5a3658701f2a3e1536a9622d828d6c6eb81
  tag: v1.0.1
  specs:
    pvb-instrumentation (1.0.1)
      activesupport (> 4.2)
      request_store (~> 1.3.2)

GEM
  remote: https://rubygems.org/
  specs:
    actioncable (5.2.3)
      actionpack (= 5.2.3)
      nio4r (~> 2.0)
      websocket-driver (>= 0.6.1)
    actionmailer (5.2.3)
      actionpack (= 5.2.3)
      actionview (= 5.2.3)
      activejob (= 5.2.3)
      mail (~> 2.5, >= 2.5.4)
      rails-dom-testing (~> 2.0)
    actionpack (5.2.3)
      actionview (= 5.2.3)
      activesupport (= 5.2.3)
      rack (~> 2.0)
      rack-test (>= 0.6.3)
      rails-dom-testing (~> 2.0)
      rails-html-sanitizer (~> 1.0, >= 1.0.2)
    actionview (5.2.3)
      activesupport (= 5.2.3)
      builder (~> 3.1)
      erubi (~> 1.4)
      rails-dom-testing (~> 2.0)
      rails-html-sanitizer (~> 1.0, >= 1.0.3)
    activejob (5.2.3)
      activesupport (= 5.2.3)
      globalid (>= 0.3.6)
    activemodel (5.2.3)
      activesupport (= 5.2.3)
    activemodel-serializers-xml (1.0.2)
      activemodel (> 5.x)
      activesupport (> 5.x)
      builder (~> 3.1)
    activerecord (5.2.3)
      activemodel (= 5.2.3)
      activesupport (= 5.2.3)
      arel (>= 9.0)
    activerecord-safer_migrations (2.0.0)
      activerecord (>= 4.0)
    activestorage (5.2.3)
      actionpack (= 5.2.3)
      activerecord (= 5.2.3)
      marcel (~> 0.3.1)
    activesupport (5.2.3)
      concurrent-ruby (~> 1.0, >= 1.0.2)
      i18n (>= 0.7, < 2)
      minitest (~> 5.1)
      tzinfo (~> 1.1)
    addressable (2.6.0)
      public_suffix (>= 2.0.2, < 4.0)
    arel (9.0.0)
    ast (2.4.0)
    awesome_print (1.8.0)
    base32-crockford (0.1.0)
    brakeman (4.5.1)
    builder (3.2.3)
    business (1.16.0)
    byebug (11.0.1)
    capybara (3.21.0)
      addressable
      mini_mime (>= 0.1.3)
      nokogiri (~> 1.8)
      rack (>= 1.6.0)
      rack-test (>= 0.6.3)
      regexp_parser (~> 1.5)
      xpath (~> 3.2)
    childprocess (1.0.1)
      rake (< 13.0)
    coderay (1.1.2)
    concurrent-ruby (1.1.5)
    connection_pool (2.2.2)
    crack (0.4.3)
      safe_yaml (~> 1.0.0)
    crass (1.0.4)
    css_parser (1.7.0)
      addressable
    database_cleaner (1.7.0)
    diff-lcs (1.3)
    docile (1.3.1)
    draper (3.1.0)
      actionpack (>= 5.0)
      activemodel (>= 5.0)
      activemodel-serializers-xml (>= 1.0)
      activesupport (>= 5.0)
      request_store (>= 1.0)
    erubi (1.8.0)
    excon (0.62.0)
    execjs (2.7.0)
    factory_bot (5.0.2)
      activesupport (>= 4.2.0)
    factory_bot_rails (5.0.2)
      factory_bot (~> 5.0.2)
      railties (>= 4.2.0)
    faraday (0.15.4)
      multipart-post (>= 1.2, < 3)
    ffaker (2.11.0)
    ffi (1.10.0)
    globalid (0.4.2)
      activesupport (>= 4.2.0)
    govuk_elements_rails (3.1.3)
      govuk_frontend_toolkit (>= 6.0.2)
      rails (>= 4.1.0)
      sass (>= 3.2.0)
    govuk_frontend_toolkit (8.2.0)
      railties (>= 3.1.0)
      sass (>= 3.2.0)
    govuk_template (0.26.0)
      rails (>= 3.1)
    hashdiff (0.3.8)
    hashie (3.6.0)
    htmlentities (4.3.4)
    i18n (1.6.0)
      concurrent-ruby (~> 1.0)
    inflection (1.0.0)
    jaro_winkler (1.5.2)
    jasmine (3.4.0)
      jasmine-core (~> 3.4.0)
      phantomjs
      rack (>= 1.2.1)
      rake
    jasmine-core (3.4.0)
    jasmine-jquery-rails (2.0.3)
    jbuilder (2.9.1)
      activesupport (>= 4.2.0)
    jquery-rails (4.3.3)
      rails-dom-testing (>= 1, < 3)
      railties (>= 4.2.0)
      thor (>= 0.14, < 2.0)
    jquery-ui-rails (5.0.5)
      railties (>= 3.2.16)
    json (2.2.0)
    jwt (2.2.1)
    kramdown (2.1.0)
    launchy (2.4.3)
      addressable (~> 2.3)
    lograge (0.11.1)
      actionpack (>= 4)
      activesupport (>= 4)
      railties (>= 4)
      request_store (~> 1.0)
    logstash-event (1.2.02)
    loofah (2.2.3)
      crass (~> 1.0.2)
      nokogiri (>= 1.5.9)
    mail (2.6.6)
      mime-types (>= 1.16, < 4)
    marcel (0.3.3)
      mimemagic (~> 0.3.2)
    method_source (0.9.2)
    mime-types (3.2.2)
      mime-types-data (~> 3.2015)
    mime-types-data (3.2019.0331)
    mimemagic (0.3.3)
    mini_mime (1.0.1)
    mini_portile2 (2.4.0)
    minitest (5.11.3)
    multi_json (1.13.1)
    multi_xml (0.6.0)
    multipart-post (2.0.0)
    netaddr (1.5.1)
    nio4r (2.3.1)
    nokogiri (1.10.3)
      mini_portile2 (~> 2.4.0)
    oauth2 (1.4.1)
      faraday (>= 0.8, < 0.16.0)
      jwt (>= 1.0, < 3.0)
      multi_json (~> 1.3)
      multi_xml (~> 0.5)
      rack (>= 1.2, < 3)
    omniauth (1.9.0)
      hashie (>= 3.4.6, < 3.7.0)
      rack (>= 1.6.2, < 3)
    omniauth-oauth2 (1.6.0)
      oauth2 (~> 1.1)
      omniauth (~> 1.9)
    parallel (1.17.0)
    parser (2.6.3.0)
      ast (~> 2.4.0)
    pg (1.1.4)
    phantomjs (2.1.1.0)
    phonelib (0.6.34)
    premailer (1.11.1)
      addressable
      css_parser (>= 1.6.0)
      htmlentities (>= 4.0.0)
    premailer-rails (1.10.2)
      actionmailer (>= 3, < 6)
      premailer (~> 1.7, >= 1.7.9)
    prometheus_exporter (0.4.11)
    pry (0.12.2)
      coderay (~> 1.1.0)
      method_source (~> 0.9.0)
    pry-byebug (3.7.0)
      byebug (~> 11.0)
      pry (~> 0.10)
    pry-rails (0.3.9)
      pry (>= 0.10.4)
    public_suffix (3.0.3)
    puma (3.12.1)
    rack (2.0.7)
    rack-protection (2.0.5)
      rack
    rack-test (1.1.0)
      rack (>= 1.0, < 3)
    rails (5.2.3)
      actioncable (= 5.2.3)
      actionmailer (= 5.2.3)
      actionpack (= 5.2.3)
      actionview (= 5.2.3)
      activejob (= 5.2.3)
      activemodel (= 5.2.3)
      activerecord (= 5.2.3)
      activestorage (= 5.2.3)
      activesupport (= 5.2.3)
      bundler (>= 1.3.0)
      railties (= 5.2.3)
      sprockets-rails (>= 2.0.0)
    rails-controller-testing (1.0.4)
      actionpack (>= 5.0.1.x)
      actionview (>= 5.0.1.x)
      activesupport (>= 5.0.1.x)
    rails-dom-testing (2.0.3)
      activesupport (>= 4.2.0)
      nokogiri (>= 1.6)
    rails-html-sanitizer (1.0.4)
      loofah (~> 2.2, >= 2.2.2)
    railties (5.2.3)
      actionpack (= 5.2.3)
      activesupport (= 5.2.3)
      method_source
      rake (>= 0.8.7)
      thor (>= 0.19.0, < 2.0)
    rainbow (3.0.0)
    rake (12.3.2)
    rb-fsevent (0.10.3)
    rb-inotify (0.10.0)
      ffi (~> 1.0)
    redis (4.1.0)
    regexp_parser (1.5.1)
    request_store (1.3.2)
    rspec-collection_matchers (1.1.3)
      rspec-expectations (>= 2.99.0.beta1)
    rspec-core (3.8.0)
      rspec-support (~> 3.8.0)
    rspec-expectations (3.8.2)
      diff-lcs (>= 1.2.0, < 2.0)
      rspec-support (~> 3.8.0)
    rspec-mocks (3.8.0)
      diff-lcs (>= 1.2.0, < 2.0)
      rspec-support (~> 3.8.0)
    rspec-rails (3.8.2)
      actionpack (>= 3.0)
      activesupport (>= 3.0)
      railties (>= 3.0)
      rspec-core (~> 3.8.0)
      rspec-expectations (~> 3.8.0)
      rspec-mocks (~> 3.8.0)
      rspec-support (~> 3.8.0)
    rspec-support (3.8.0)
    rubocop (0.70.0)
      jaro_winkler (~> 1.5.1)
      parallel (~> 1.10)
      parser (>= 2.6)
      rainbow (>= 2.2.2, < 4.0)
      ruby-progressbar (~> 1.7)
      unicode-display_width (>= 1.4.0, < 1.7)
    rubocop-performance (1.3.0)
      rubocop (>= 0.68.0)
    rubocop-rspec (1.33.0)
      rubocop (>= 0.60.0)
    ruby-progressbar (1.10.0)
    rubyzip (1.2.2)
    safe_yaml (1.0.5)
    sass (3.7.4)
      sass-listen (~> 4.0.0)
    sass-listen (4.0.0)
      rb-fsevent (~> 0.9, >= 0.9.4)
      rb-inotify (~> 0.9, >= 0.9.7)
    sassc (2.0.1)
      ffi (~> 1.9)
      rake
    sassc-rails (2.1.1)
      railties (>= 4.0.0)
      sassc (>= 2.0)
      sprockets (> 3.0)
      sprockets-rails
      tilt
    scenic (1.5.1)
      activerecord (>= 4.0.0)
      railties (>= 4.0.0)
    selenium-webdriver (3.142.3)
      childprocess (>= 0.5, < 2.0)
      rubyzip (~> 1.2, >= 1.2.2)
    sentry-raven (2.9.0)
      faraday (>= 0.7.6, < 1.0)
    shoulda-matchers (4.0.1)
      activesupport (>= 4.2.0)
    sidekiq (5.2.7)
      connection_pool (~> 2.2, >= 2.2.2)
      rack (>= 1.5.0)
      rack-protection (>= 1.5.0)
      redis (>= 3.3.5, < 5)
    simplecov (0.16.1)
      docile (~> 1.1)
      json (>= 1.8, < 3)
      simplecov-html (~> 0.10.0)
    simplecov-html (0.10.2)
    spring (2.0.2)
      activesupport (>= 4.2)
    spring-commands-rspec (1.0.4)
      spring (>= 0.9.1)
    sprockets (3.7.2)
      concurrent-ruby (~> 1.0)
      rack (> 1, < 3)
    sprockets-rails (3.2.1)
      actionpack (>= 4.0)
      activesupport (>= 4.0)
      sprockets (>= 3.0.0)
    state_machines (0.5.0)
    state_machines-activemodel (0.6.0)
      activemodel (>= 4.1, < 6.0)
      state_machines (>= 0.5.0)
    state_machines-activerecord (0.6.0)
      activerecord (>= 4.1)
      state_machines-activemodel (>= 0.5.0)
    string-scrub (0.0.5)
    string_scrubber (0.3.0)
      string-scrub (~> 0.0.5)
    thor (0.20.3)
    thread_safe (0.3.6)
    tilt (2.0.9)
    tzinfo (1.2.5)
      thread_safe (~> 0.1)
    uglifier (2.7.2)
      execjs (>= 0.3.0)
      json (>= 1.8.0)
    unicode-display_width (1.6.0)
    uri_template (0.7.0)
    vcr (4.0.0)
    webmock (3.5.1)
      addressable (>= 2.3.6)
      crack (>= 0.3.2)
      hashdiff
    websocket-driver (0.7.0)
      websocket-extensions (>= 0.1.0)
    websocket-extensions (0.1.3)
    xpath (3.2.0)
      nokogiri (~> 1.8)
    zendesk_api (1.19.0)
      faraday (~> 0.9)
      hashie (>= 3.5.2, < 4.0.0)
      inflection
      mime-types
      multipart-post (~> 2.0)

PLATFORMS
  ruby

DEPENDENCIES
  activerecord-safer_migrations
  awesome_print
  base32-crockford
  brakeman
  business
  byebug
  capybara
  connection_pool
  database_cleaner
  draper
  email_address_validation!
  excon
  factory_bot_rails
  ffaker
  govuk_elements_rails
  govuk_frontend_toolkit
  govuk_template
  jaro_winkler
  jasmine (~> 3.4)
  jasmine-jquery-rails
  jbuilder
  jquery-rails (~> 4.3.3)
  jquery-ui-rails (~> 5.0.5)
  jwt
  kramdown
  launchy
  lograge
  logstash-event
  netaddr (~> 1.5.1)
  omniauth-oauth2
  parser
  pg
  phonelib
  premailer-rails
  prometheus_exporter
  pry-byebug
  pry-rails
  puma
  pvb-instrumentation!
  rails (~> 5.2)
  rails-controller-testing
  rake
  request_store
  rspec-collection_matchers
  rspec-rails
  rubocop
  rubocop-performance
  rubocop-rspec
  sassc-rails
  scenic
  selenium-webdriver
  sentry-raven
  shoulda-matchers
  sidekiq
  simplecov
  spring-commands-rspec
  state_machines-activerecord
  string_scrubber
  uglifier (~> 2.7.2)
  uri_template
  vcr
  webmock
  zendesk_api

RUBY VERSION
   ruby 2.6.3p62

BUNDLED WITH
   1.17.1
